GEM
  remote: https://rubygems.org/
  specs:
    diff-lcs (1.2.5)
    given_core (3.7.1)
      sorcerer (>= 0.3.7)
    rspec (3.3.0)
      rspec-core (~> 3.3.0)
      rspec-expectations (~> 3.3.0)
      rspec-mocks (~> 3.3.0)
    rspec-core (3.3.2)
      rspec-support (~> 3.3.0)
    rspec-expectations (3.3.1)
      diff-lcs (>= 1.2.0, < 2.0)
      rspec-support (~> 3.3.0)
    rspec-given (3.7.1)
      given_core (= 3.7.1)
      rspec (>= 2.14.0)
    rspec-mocks (3.3.2)
      diff-lcs (>= 1.2.0, < 2.0)
      rspec-support (~> 3.3.0)
    rspec-support (3.3.0)
    sorcerer (1.0.2)

PLATFORMS
  ruby

DEPENDENCIES
  rspec
  rspec-given

BUNDLED WITH
   1.10.6
